PATH
  remote: ~/projects/InterfaceFTL
  specs:
    InterfaceFTL (0.0.1)
      InterfaceFTL

PATH
  remote: ~/projects/OSXMemory
  specs:
    OSXMemory (0.0.1)
      ffi

GEM
  remote: https://rubygems.org/
  specs:
    ffi (1.9.6)
    sys-proctable (0.9.4)

PLATFORMS
  ruby

DEPENDENCIES
  InterfaceFTL!
  OSXMemory!
  ffi
  sys-proctable
